GEM
  remote: https://rubygems.org/
  specs:
    ansi (1.4.3)
    bump (0.4.0)
    multi_json (1.7.2)
    rake (10.0.4)
    simplecov (0.7.1)
      multi_json (~> 1.0)
      simplecov-html (~> 0.7.1)
    simplecov-html (0.7.1)
    turn (0.9.6)
      ansi

PLATFORMS
  ruby

DEPENDENCIES
  bump
  rake
  simplecov
  turn
