GEM
  remote: https://rubygems.org/
  specs:
    ansi (1.4.3)
    bump (0.3.9)
    turn (0.9.6)
      ansi

PLATFORMS
  ruby

DEPENDENCIES
  bump
  turn
